GEM
  remote: https://rubygems.org/
  specs:
<<<<<<< HEAD
=======
<<<<<<< HEAD
=======
<<<<<<< HEAD
=======
<<<<<<< HEAD
=======
<<<<<<< HEAD
>>>>>>> 4f00635a76f82ef17d5671f1c412adeb178e4054
>>>>>>> ce23e0e95805f7f2e20260d2080b3906e61f609e
    actionmailer (3.2.3)
      actionpack (= 3.2.3)
      mail (~> 2.4.4)
    actionpack (3.2.3)
      activemodel (= 3.2.3)
      activesupport (= 3.2.3)
<<<<<<< HEAD
=======
<<<<<<< HEAD
=======
=======
>>>>>>> be7860a8939243b5ff184187d780c0a6f31ef59a
>>>>>>> 6b8e00c81284643e608690780c24b16c3d6b2bdf
    actionmailer (3.2.1)
      actionpack (= 3.2.1)
      mail (~> 2.4.0)
    actionpack (3.2.1)
      activemodel (= 3.2.1)
      activesupport (= 3.2.1)
<<<<<<< HEAD
=======
<<<<<<< HEAD
=======
>>>>>>> 94d7c36563db0f38cf94d893c81bb413ed08e07e
>>>>>>> 4f00635a76f82ef17d5671f1c412adeb178e4054
>>>>>>> be7860a8939243b5ff184187d780c0a6f31ef59a
>>>>>>> ce23e0e95805f7f2e20260d2080b3906e61f609e
>>>>>>> 6b8e00c81284643e608690780c24b16c3d6b2bdf
      builder (~> 3.0.0)
      erubis (~> 2.7.0)
      journey (~> 1.0.1)
      rack (~> 1.4.0)
<<<<<<< HEAD
=======
<<<<<<< HEAD
=======
<<<<<<< HEAD
=======
<<<<<<< HEAD
=======
<<<<<<< HEAD
>>>>>>> 4f00635a76f82ef17d5671f1c412adeb178e4054
>>>>>>> ce23e0e95805f7f2e20260d2080b3906e61f609e
      rack-cache (~> 1.2)
      rack-test (~> 0.6.1)
      sprockets (~> 2.1.2)
    activemodel (3.2.3)
      activesupport (= 3.2.3)
      builder (~> 3.0.0)
    activerecord (3.2.3)
      activemodel (= 3.2.3)
      activesupport (= 3.2.3)
      arel (~> 3.0.2)
      tzinfo (~> 0.3.29)
    activeresource (3.2.3)
      activemodel (= 3.2.3)
      activesupport (= 3.2.3)
    activesupport (3.2.3)
      i18n (~> 0.6)
      multi_json (~> 1.0)
    arel (3.0.2)
<<<<<<< HEAD
=======
<<<<<<< HEAD
=======
=======
>>>>>>> be7860a8939243b5ff184187d780c0a6f31ef59a
>>>>>>> 6b8e00c81284643e608690780c24b16c3d6b2bdf
      rack-cache (~> 1.1)
      rack-test (~> 0.6.1)
      sprockets (~> 2.1.2)
    activemodel (3.2.1)
      activesupport (= 3.2.1)
      builder (~> 3.0.0)
    activerecord (3.2.1)
      activemodel (= 3.2.1)
      activesupport (= 3.2.1)
      arel (~> 3.0.0)
      tzinfo (~> 0.3.29)
    activeresource (3.2.1)
      activemodel (= 3.2.1)
      activesupport (= 3.2.1)
    activesupport (3.2.1)
      i18n (~> 0.6)
      multi_json (~> 1.0)
<<<<<<< HEAD
    arel (3.0.2)
=======
<<<<<<< HEAD
    arel (3.0.2)
=======
    arel (3.0.0)
>>>>>>> 94d7c36563db0f38cf94d893c81bb413ed08e07e
>>>>>>> 4f00635a76f82ef17d5671f1c412adeb178e4054
>>>>>>> be7860a8939243b5ff184187d780c0a6f31ef59a
>>>>>>> ce23e0e95805f7f2e20260d2080b3906e61f609e
>>>>>>> 6b8e00c81284643e608690780c24b16c3d6b2bdf
    builder (3.0.0)
    coffee-rails (3.2.2)
      coffee-script (>= 2.2.0)
      railties (~> 3.2.0)
    coffee-script (2.2.0)
      coffee-script-source
      execjs
<<<<<<< HEAD
    coffee-script-source (1.3.1)
=======
<<<<<<< HEAD
    coffee-script-source (1.3.1)
=======
<<<<<<< HEAD
    coffee-script-source (1.3.1)
=======
<<<<<<< HEAD
    coffee-script-source (1.3.1)
=======
<<<<<<< HEAD
    coffee-script-source (1.3.1)
=======
    coffee-script-source (1.2.0)
>>>>>>> 94d7c36563db0f38cf94d893c81bb413ed08e07e
>>>>>>> 4f00635a76f82ef17d5671f1c412adeb178e4054
>>>>>>> be7860a8939243b5ff184187d780c0a6f31ef59a
>>>>>>> ce23e0e95805f7f2e20260d2080b3906e61f609e
>>>>>>> 6b8e00c81284643e608690780c24b16c3d6b2bdf
    erubis (2.7.0)
    execjs (1.3.0)
      multi_json (~> 1.0)
    hike (1.2.1)
    i18n (0.6.0)
<<<<<<< HEAD
=======
<<<<<<< HEAD
=======
<<<<<<< HEAD
=======
<<<<<<< HEAD
=======
<<<<<<< HEAD
>>>>>>> 4f00635a76f82ef17d5671f1c412adeb178e4054
>>>>>>> be7860a8939243b5ff184187d780c0a6f31ef59a
>>>>>>> ce23e0e95805f7f2e20260d2080b3906e61f609e
>>>>>>> 6b8e00c81284643e608690780c24b16c3d6b2bdf
    journey (1.0.3)
    jquery-rails (2.0.2)
      railties (>= 3.2.0, < 5.0)
      thor (~> 0.14)
    json (1.6.6)
    mail (2.4.4)
      i18n (>= 0.4.0)
      mime-types (~> 1.16)
      treetop (~> 1.4.8)
    mime-types (1.18)
    multi_json (1.3.2)
    polyglot (0.3.3)
    rack (1.4.1)
    rack-cache (1.2)
<<<<<<< HEAD
=======
<<<<<<< HEAD
=======
<<<<<<< HEAD
=======
<<<<<<< HEAD
=======
=======
    journey (1.0.1)
    jquery-rails (2.0.0)
      railties (>= 3.2.0.beta, < 5.0)
      thor (~> 0.14)
    json (1.6.5)
    mail (2.4.1)
      i18n (>= 0.4.0)
      mime-types (~> 1.16)
      treetop (~> 1.4.8)
    mime-types (1.17.2)
    multi_json (1.1.0)
    pg (0.13.1)
    polyglot (0.3.3)
    rack (1.4.1)
    rack-cache (1.1)
>>>>>>> 94d7c36563db0f38cf94d893c81bb413ed08e07e
>>>>>>> 4f00635a76f82ef17d5671f1c412adeb178e4054
>>>>>>> be7860a8939243b5ff184187d780c0a6f31ef59a
>>>>>>> ce23e0e95805f7f2e20260d2080b3906e61f609e
>>>>>>> 6b8e00c81284643e608690780c24b16c3d6b2bdf
      rack (>= 0.4)
    rack-ssl (1.3.2)
      rack
    rack-test (0.6.1)
      rack (>= 1.0)
<<<<<<< HEAD
=======
<<<<<<< HEAD
=======
<<<<<<< HEAD
=======
<<<<<<< HEAD
=======
<<<<<<< HEAD
>>>>>>> 4f00635a76f82ef17d5671f1c412adeb178e4054
>>>>>>> ce23e0e95805f7f2e20260d2080b3906e61f609e
    rails (3.2.3)
      actionmailer (= 3.2.3)
      actionpack (= 3.2.3)
      activerecord (= 3.2.3)
      activeresource (= 3.2.3)
      activesupport (= 3.2.3)
      bundler (~> 1.0)
      railties (= 3.2.3)
    railties (3.2.3)
      actionpack (= 3.2.3)
      activesupport (= 3.2.3)
<<<<<<< HEAD
=======
<<<<<<< HEAD
=======
=======
>>>>>>> be7860a8939243b5ff184187d780c0a6f31ef59a
>>>>>>> 6b8e00c81284643e608690780c24b16c3d6b2bdf
    rails (3.2.1)
      actionmailer (= 3.2.1)
      actionpack (= 3.2.1)
      activerecord (= 3.2.1)
      activeresource (= 3.2.1)
      activesupport (= 3.2.1)
      bundler (~> 1.0)
      railties (= 3.2.1)
    railties (3.2.1)
      actionpack (= 3.2.1)
      activesupport (= 3.2.1)
<<<<<<< HEAD
=======
<<<<<<< HEAD
=======
>>>>>>> 94d7c36563db0f38cf94d893c81bb413ed08e07e
>>>>>>> 4f00635a76f82ef17d5671f1c412adeb178e4054
>>>>>>> be7860a8939243b5ff184187d780c0a6f31ef59a
>>>>>>> ce23e0e95805f7f2e20260d2080b3906e61f609e
>>>>>>> 6b8e00c81284643e608690780c24b16c3d6b2bdf
      rack-ssl (~> 1.3.2)
      rake (>= 0.8.7)
      rdoc (~> 3.4)
      thor (~> 0.14.6)
    rake (0.9.2.2)
    rdoc (3.12)
      json (~> 1.4)
    sass (3.1.15)
<<<<<<< HEAD
    sass-rails (3.2.5)
=======
<<<<<<< HEAD
    sass-rails (3.2.5)
=======
<<<<<<< HEAD
    sass-rails (3.2.5)
=======
<<<<<<< HEAD
    sass-rails (3.2.5)
=======
<<<<<<< HEAD
    sass-rails (3.2.5)
=======
    sass-rails (3.2.4)
>>>>>>> 94d7c36563db0f38cf94d893c81bb413ed08e07e
>>>>>>> 4f00635a76f82ef17d5671f1c412adeb178e4054
>>>>>>> be7860a8939243b5ff184187d780c0a6f31ef59a
>>>>>>> ce23e0e95805f7f2e20260d2080b3906e61f609e
>>>>>>> 6b8e00c81284643e608690780c24b16c3d6b2bdf
      railties (~> 3.2.0)
      sass (>= 3.1.10)
      tilt (~> 1.3)
    sprockets (2.1.2)
      hike (~> 1.2)
      rack (~> 1.0)
      tilt (~> 1.1, != 1.3.0)
<<<<<<< HEAD
    sqlite3 (1.3.6)
=======
<<<<<<< HEAD
    sqlite3 (1.3.6)
=======
<<<<<<< HEAD
    sqlite3 (1.3.6)
    sqlite3-ruby (1.3.2)
=======
<<<<<<< HEAD
    sqlite3 (1.3.6)
    sqlite3-ruby (1.3.2)
=======
<<<<<<< HEAD
    sqlite3 (1.3.6)
=======
    sqlite3 (1.3.5)
>>>>>>> 94d7c36563db0f38cf94d893c81bb413ed08e07e
>>>>>>> 4f00635a76f82ef17d5671f1c412adeb178e4054
>>>>>>> be7860a8939243b5ff184187d780c0a6f31ef59a
>>>>>>> ce23e0e95805f7f2e20260d2080b3906e61f609e
>>>>>>> 6b8e00c81284643e608690780c24b16c3d6b2bdf
    thor (0.14.6)
    tilt (1.3.3)
    treetop (1.4.10)
      polyglot
      polyglot (>= 0.3.1)
<<<<<<< HEAD
    tzinfo (0.3.33)
    uglifier (1.2.4)
=======
<<<<<<< HEAD
    tzinfo (0.3.33)
    uglifier (1.2.4)
=======
<<<<<<< HEAD
    tzinfo (0.3.33)
    uglifier (1.2.4)
=======
<<<<<<< HEAD
    tzinfo (0.3.33)
    uglifier (1.2.4)
=======
<<<<<<< HEAD
    tzinfo (0.3.33)
    uglifier (1.2.4)
=======
    tzinfo (0.3.31)
    uglifier (1.2.3)
>>>>>>> 94d7c36563db0f38cf94d893c81bb413ed08e07e
>>>>>>> 4f00635a76f82ef17d5671f1c412adeb178e4054
>>>>>>> be7860a8939243b5ff184187d780c0a6f31ef59a
>>>>>>> ce23e0e95805f7f2e20260d2080b3906e61f609e
>>>>>>> 6b8e00c81284643e608690780c24b16c3d6b2bdf
      execjs (>= 0.3.0)
      multi_json (>= 1.0.2)

PLATFORMS
  ruby

DEPENDENCIES
  coffee-rails (~> 3.2.1)
  jquery-rails
<<<<<<< HEAD
  rails (= 3.2.1)
  sass-rails (~> 3.2.3)
  sqlite3
=======
<<<<<<< HEAD
  rails (= 3.2.3)
  sass-rails (~> 3.2.3)
  sqlite3
=======
<<<<<<< HEAD
  rails (= 3.2.1)
  sass-rails (~> 3.2.3)
  sqlite3
  sqlite3-ruby (= 1.3.2)
=======
<<<<<<< HEAD
  rails (= 3.2.3)
  sass-rails (~> 3.2.3)
  sqlite3
  sqlite3-ruby (= 1.3.2)
=======
<<<<<<< HEAD
  rails (= 3.2.3)
=======
  pg
  rails (= 3.2.1)
>>>>>>> 94d7c36563db0f38cf94d893c81bb413ed08e07e
  sass-rails (~> 3.2.3)
  sqlite3
>>>>>>> 4f00635a76f82ef17d5671f1c412adeb178e4054
>>>>>>> be7860a8939243b5ff184187d780c0a6f31ef59a
>>>>>>> ce23e0e95805f7f2e20260d2080b3906e61f609e
>>>>>>> 6b8e00c81284643e608690780c24b16c3d6b2bdf
  uglifier (>= 1.0.3)
